GEM
  remote: https://rubygems.org/
  specs:
    columnize (0.3.6)
    debugger (1.4.0)
      columnize (>= 0.3.1)
      debugger-linecache (~> 1.1.1)
      debugger-ruby_core_source (~> 1.2.0)
    debugger-linecache (1.1.2)
      debugger-ruby_core_source (>= 1.1.1)
    debugger-ruby_core_source (1.2.0)
    metaclass (0.0.1)
    mocha (0.13.3)
      metaclass (~> 0.0.1)

PLATFORMS
  ruby

DEPENDENCIES
  debugger
  mocha
